GIT
  remote: git://github.com/ctran/annotate_models.git
  revision: cfeec96c9ca0fa5035b10be3d73e798cc4fc52f7
  specs:
    annotate (2.4.1.beta1)

GEM
  remote: http://rubygems.org/
  specs:
    abstract (1.0.0)
    actionmailer (3.1.1)
      actionpack (= 3.1.1)
      mail (~> 2.3.0)
    actionpack (3.1.1)
      activemodel (= 3.1.1)
      activesupport (= 3.1.1)
      builder (~> 3.0.0)
      erubis (~> 2.7.0)
      i18n (~> 0.6)
      rack (~> 1.3.2)
      rack-cache (~> 1.1)
      rack-mount (~> 0.8.2)
      rack-test (~> 0.6.1)
      sprockets (~> 2.0.2)
    activemodel (3.1.1)
      activesupport (= 3.1.1)
      builder (~> 3.0.0)
      i18n (~> 0.6)
    activerecord (3.1.1)
      activemodel (= 3.1.1)
      activesupport (= 3.1.1)
      arel (~> 2.2.1)
      tzinfo (~> 0.3.29)
    activeresource (3.1.1)
      activemodel (= 3.1.1)
      activesupport (= 3.1.1)
    activesupport (3.1.1)
      multi_json (~> 1.0)
    acts-as-taggable-on (2.1.1)
      rails
    ansi (1.4.0)
    arel (2.2.1)
    builder (3.0.0)
    capybara (1.1.1)
      mime-types (>= 1.16)
      nokogiri (>= 1.3.3)
      rack (>= 1.0.0)
      rack-test (>= 0.5.4)
      selenium-webdriver (~> 2.0)
      xpath (~> 0.1.4)
    childprocess (0.2.2)
      ffi (~> 1.0.6)
    coffee-rails (3.1.1)
      coffee-script (>= 2.2.0)
      railties (~> 3.1.0)
    coffee-script (2.2.0)
      coffee-script-source
      execjs
    coffee-script-source (1.1.2)
    cucumber (1.1.1)
      builder (>= 2.1.2)
      diff-lcs (>= 1.1.2)
      gherkin (~> 2.6.0)
      json (>= 1.4.6)
      term-ansicolor (>= 1.0.6)
    cucumber-rails (1.2.0)
      capybara (>= 1.1.1)
      cucumber (>= 1.1.1)
      nokogiri (>= 1.5.0)
    database_cleaner (0.6.7)
    diff-lcs (1.1.3)
    erubis (2.7.0)
    execjs (1.2.9)
      multi_json (~> 1.0)
    fakeweb (1.3.0)
    ffi (1.0.9)
    gherkin (2.6.2)
      json (>= 1.4.6)
    hike (1.2.1)
    hintable_levenshtein (0.0.3)
    httparty (0.8.1)
      multi_json
      multi_xml
    i18n (0.6.0)
    jquery-rails (1.0.16)
      railties (~> 3.0)
      thor (~> 0.14)
    json (1.6.1)
    json_pure (1.6.1)
    kaminari (0.12.4)
      rails (>= 3.0.0)
    levenshteinish (0.0.3)
      hintable_levenshtein
    mail (2.3.0)
      i18n (>= 0.4.0)
      mime-types (~> 1.16)
      treetop (~> 1.4.8)
    mime-types (1.17.2)
    mimer_plus (0.0.4)
    minitest (2.7.0)
    movie_searcher (0.1.6)
      httparty
      levenshteinish
      mimer_plus
      rest-client
      spot
    multi_json (1.0.3)
    multi_xml (0.4.1)
    nokogiri (1.5.0)
    polyglot (0.3.3)
    rack (1.3.5)
    rack-cache (1.1)
      rack (>= 0.4)
    rack-mount (0.8.3)
      rack (>= 1.0.0)
    rack-ssl (1.3.2)
      rack
    rack-test (0.6.1)
      rack (>= 1.0)
    rails (3.1.1)
      actionmailer (= 3.1.1)
      actionpack (= 3.1.1)
      activerecord (= 3.1.1)
      activeresource (= 3.1.1)
      activesupport (= 3.1.1)
      bundler (~> 1.0)
      railties (= 3.1.1)
    railties (3.1.1)
      actionpack (= 3.1.1)
      activesupport (= 3.1.1)
      rack-ssl (~> 1.3.2)
      rake (>= 0.8.7)
      rdoc (~> 3.4)
      thor (~> 0.14.6)
    rake (0.9.2.2)
    rchardet19 (1.3.5)
    rdoc (3.11)
      json (~> 1.4)
    rest-client (1.6.7)
      mime-types (>= 1.16)
    rspec (2.7.0)
      rspec-core (~> 2.7.0)
      rspec-expectations (~> 2.7.0)
      rspec-mocks (~> 2.7.0)
    rspec-core (2.7.1)
    rspec-expectations (2.7.0)
      diff-lcs (~> 1.1.2)
    rspec-mocks (2.7.0)
    rspec-rails (2.7.0)
      actionpack (~> 3.0)
      activesupport (~> 3.0)
      railties (~> 3.0)
      rspec (~> 2.7.0)
    rubyzip (0.9.4)
    sass (3.1.10)
    sass-rails (3.1.4)
      actionpack (~> 3.1.0)
      railties (~> 3.1.0)
      sass (>= 3.1.4)
      sprockets (~> 2.0.0)
      tilt (~> 1.3.2)
    selenium-webdriver (2.10.0)
      childprocess (>= 0.2.1)
      ffi (= 1.0.9)
      json_pure
      rubyzip
    spot (0.1.4)
      abstract
      json_pure
      levenshteinish
      rchardet19
      rest-client
    sprockets (2.0.3)
      hike (~> 1.2)
      rack (~> 1.0)
      tilt (~> 1.1, != 1.3.0)
    sqlite3 (1.3.4)
    term-ansicolor (1.0.7)
    thor (0.14.6)
    tilt (1.3.3)
    treetop (1.4.10)
      polyglot
      polyglot (>= 0.3.1)
    turn (0.8.3)
      ansi
    tzinfo (0.3.31)
    uglifier (1.0.4)
      execjs (>= 0.3.0)
      multi_json (>= 1.0.2)
    web-app-theme (0.8.0)
      rails (~> 3.1.0.rc6)
      thor (~> 0.14)
    xpath (0.1.4)
      nokogiri (~> 1.3)
    yard (0.7.3)

PLATFORMS
  ruby

DEPENDENCIES
  acts-as-taggable-on (~> 2.1.0)
  annotate!
  capybara (>= 1.1.1)
  coffee-rails (~> 3.1.1)
  cucumber-rails (>= 1.2.0)
  database_cleaner
  fakeweb
  jquery-rails
  kaminari
  minitest (>= 2.7.0)
  movie_searcher
  rails (= 3.1.1)
  rspec-rails (>= 2.7.0)
  sass-rails (~> 3.1.4)
  sqlite3
  turn
  uglifier (>= 1.0.3)
  web-app-theme (~> 0.8.0)
  yard (>= 0.7.3)
